PATH
  remote: .
  specs:
    lakebed (0.1.0)
      hexdump (~> 0.2.3)
      lz4-ruby
      paint
      rspec (~> 3.0)
      unicorn-engine

GEM
  remote: https://rubygems.org/
  specs:
    coderay (1.1.3)
    diff-lcs (1.5.0)
    hexdump (0.2.4)
    lz4-ruby (0.3.3)
    method_source (0.9.2)
    paint (2.1.0)
    pry (0.12.2)
      coderay (~> 1.1.0)
      method_source (~> 0.9.0)
    rake (10.5.0)
    rspec (3.12.0)
      rspec-core (~> 3.12.0)
      rspec-expectations (~> 3.12.0)
      rspec-mocks (~> 3.12.0)
    rspec-core (3.12.2)
      rspec-support (~> 3.12.0)
    rspec-expectations (3.12.3)
      diff-lcs (>= 1.2.0, < 2.0)
      rspec-support (~> 3.12.0)
    rspec-mocks (3.12.5)
      diff-lcs (>= 1.2.0, < 2.0)
      rspec-support (~> 3.12.0)
    rspec-support (3.12.0)
    unicorn-engine (1.0.1)

PLATFORMS
  ruby

DEPENDENCIES
  bundler (~> 1.16)
  lakebed!
  pry
  rake (~> 10.0)

BUNDLED WITH
   2.4.13
